PATH
  remote: .
  specs:
    we_business_time (0.7.3)
      activesupport (>= 3.1.0)
      tzinfo

GEM
  remote: https://rubygems.org/
  specs:
    activesupport (6.1.2)
      concurrent-ruby (~> 1.0, >= 1.0.2)
      i18n (>= 1.6, < 2)
      minitest (>= 5.1)
      tzinfo (~> 2.0)
      zeitwerk (~> 2.3)
    concurrent-ruby (1.1.8)
    i18n (1.8.8)
      concurrent-ruby (~> 1.0)
    json (1.8.1)
    minitest (5.2.2)
    minitest-rg (5.0.0)
      minitest (~> 5.0)
    rake (13.0.3)
    rdoc (4.1.1)
      json (~> 1.4)
    tzinfo (2.0.4)
      concurrent-ruby (~> 1.0)
    zeitwerk (2.4.2)

PLATFORMS
  ruby

DEPENDENCIES
  minitest
  minitest-rg
  rake
  rdoc
  we_business_time!
